GEM
  remote: https://rubygems.org/
  specs:
    fast_xs (0.8.0)

PLATFORMS
  ruby

DEPENDENCIES
  fast_xs
