GEM
  remote: https://rubygems.org/
  specs:
    puma (1.6.3)
      rack (~> 1.2)
    rack (1.5.2)
    rack-protection (1.5.0)
      rack
    sinatra (1.4.2)
      rack (~> 1.5, >= 1.5.2)
      rack-protection (~> 1.4)
      tilt (~> 1.3, >= 1.3.4)
    sinatra-xsendfile (0.4.0)
      sinatra (>= 0.9.1)
    tilt (1.3.7)

PLATFORMS
  ruby

DEPENDENCIES
  puma
  sinatra
  sinatra-xsendfile
